GEM
  remote: https://rubygems.org/
  specs:
    cuba (3.9.2)
      rack (>= 1.6.0)
    rack (2.0.8)

PLATFORMS
  ruby

DEPENDENCIES
  cuba

BUNDLED WITH
   1.16.2
